GEM
  remote: http://rubygems.org/
  specs:
    mini_portile (0.5.0)
    nokogiri (1.6.0)
      mini_portile (~> 0.5.0)
    polylines (0.3.0)

PLATFORMS
  ruby

DEPENDENCIES
  nokogiri
  polylines

BUNDLED WITH
   1.12.5
